{
    "EMGPlacementScheme": "Other",
    "EMGReference": "Wet reference band placed on the ankle of the same leg.",
    "SamplingFrequency": 10240,
    "PowerLineFrequency": 50,
    "SoftwareFilters": "n/a",
    "TaskName": "Isometric-ankle-dorsiflexion",
    "EMGElectrodeGroups": {
        "Grid1": {
            "ElectrodeManufacturer": "OTBioelettronica",
            "ElectrodeManufaturerModelName": "GR04MM1305",
            "InterelectrodeDistance": "4 mm",
            "GridShape": [
                13,
                5
            ],
            "Material": "gold coated"
        },
        "Grid2": {
            "ElectrodeManufacturer": "OTBioelettronica",
            "ElectrodeManufaturerModelName": "GR04MM1305",
            "InterelectrodeDistance": "4 mm",
            "GridShape": [
                13,
                5
            ],
            "Material": "gold coated"
        }
    },
    "EMGChannelCount": 128,
    "EMGElectrodeCount": 130,
    "SkinPreparation": "The skin was shaved, abrased and cleansed with 70 percent ethyl alcohol",
    "Manufacturer": "OTBioelettronica",
    "SoftwareVersions": "OTBioLab+ v.1.5.7.2",
    "SetUpDescription": "The participant sat on a chair with the hips flexed at 30 degree, 0 degree being the hip neutral position, and their knees fully extended. We fixed the foot of the dominant leg (right in all participants) onto the pedal of a commercial dynamometer (OT Bioelettronica) positioned at 30 degree in the plantarflexion direction, 0 degree being the foot perpendicular to the shank. The thigh was fixed to the chair with an inextensible 3-cm-wide Velcro strap. The foot was fixed to the pedal with inextensible straps positioned around the proximal phalanx, metatarsal and cuneiform. Force signals were recorded with a load cell (CCT Transducer s.a.s.) connected in-series to the pedal using the same acquisition system as for the HD-EMG recordings (EMG-Quattrocento; OT Bioelettronica). The dynamometer was positioned accordingly to the participant\u2019s lower limb length and secured to the massage table to avoid any motion during the contractions.",
    "TaskDescription": "The participant performed one, two, or three trapezoidal contractions at 10, 15, 20, 25, 30, 35, 40, 50, 60, and 70 percent MVC with 120 s of rest in between, consisting of linear ramps up and down performed at 5 percent per second and a plateau maintained for 20 s up to 30 percent MVC, 15 s for 35 percent and 40 percent MVC, and 10 s from 50 percent to 70 percent MVC. The order of the contractions was randomized.",
    "Instructions": "Follow path provided via visual feedback.",
    "SubjectPosition": "seated",
    "HipFlexion": "30 degree",
    "AnkleFlexion": "30 degree",
    "MISCChannelCount": 3,
    "MISCChannelDescription": {
        "1": "Voltage output of the dynamometer load cell",
        "2": "Requested ankle torque trajectory",
        "3": "Performed ankle torque trajectory"
    },
    "InstitutionName": "Imperial Collage London",
    "InstitutionAddress": "London SW7 2AZ, United Kingdom",
    "InstitutionalDepartmentName": "Department of Bioengineering",
    "DeviceSerialNumber": "n/a",
    "RecordingType": "continuous",
    "EMGPlacementSchemeDescription": "Two grids were carefully positioned side-to-side with a 4-mm distance between the electrodes at the edges of adjacent grids. The 128 electrodes were centered to the muscle belly (right tibialis anterior) and laid  within the muscle perimeter identified through palpation.",
    "ManufacturersModelName": "QUATTROCENTO; ID=Unknown",
    "HardwareFilters": {
        "HighPassFilter": {
            "CutoffFrequency": 10,
            "Unit": "Hz",
            "Description": "Analog high-pass filter (-3 dB cutoff)"
        },
        "LowPassFilter": {
            "CutoffFrequency": 500,
            "Unit": "Hz",
            "Description": "Analog low-pass filter (-3 dB cutoff)"
        }
    },
    "ElectrodeManufacturer": "OTBioelettronica",
    "ElectrodeManufacturersModelName": "GR04MM1305",
    "RecordingDuration": 30.0
}
